GIT
  remote: git://github.com/DocOnDev/pivotal-tracker.git
  revision: 3c29db47d46c36db87b1bddae4d481299716ee36
  specs:
    pivotal-tracker (0.5.11.docondev)
      builder
      builder
      crack
      happymapper (>= 0.3.2)
      nokogiri (>= 1.4.3)
      nokogiri (>= 1.5.5)
      nokogiri-happymapper (>= 0.5.4)
      rest-client (~> 1.6.0)
      rest-client (~> 1.6.0)

GEM
  remote: http://rubygems.org/
  specs:
    builder (3.2.2)
    coderay (1.0.9)
    crack (0.4.0)
      safe_yaml (~> 0.9.0)
    happymapper (0.4.0)
      libxml-ruby (~> 2.0)
    libxml-ruby (2.6.0)
    method_source (0.8.1)
    mime-types (1.23)
    mini_portile (0.5.0)
    nokogiri (1.6.0)
      mini_portile (~> 0.5.0)
    nokogiri-happymapper (0.5.7)
      nokogiri (~> 1.5)
    pg (0.14.1)
    pry (0.9.12)
      coderay (~> 1.0.5)
      method_source (~> 0.8)
      slop (~> 3.4)
    rack (1.5.1)
    rack-protection (1.3.2)
      rack
    rack-test (0.6.2)
      rack (>= 1.0)
    rest-client (1.6.7)
      mime-types (>= 1.16)
    safe_yaml (0.9.3)
    sequel (3.36.1)
    sinatra (1.3.3)
      rack (~> 1.3, >= 1.3.6)
      rack-protection (~> 1.2)
      tilt (~> 1.3, >= 1.3.3)
    slop (3.4.4)
    tilt (1.3.6)

PLATFORMS
  ruby

DEPENDENCIES
  nokogiri
  pg
  pivotal-tracker!
  pry
  rack-test
  sequel
  sinatra
